##TITLE=  XMASS Parameter file
##JCAMPDX=  5.0
##DATATYPE=  CONTINUOUS MASS SPECTRUM
##ORIGIN=  XMASS, Bruker-Daltonics (USA) and Bruker-Daltonik (GER)
##OWNER=  TOF User
##SPECTROMETER/DATASYSTEM=  Bruker Flex Series
##.SPECTROMETER TYPE=  TOF
##.INLET=  DIRECT
##.IONIZATION MODE=  LD+
##$ACQMID= 0 
##$ACQVSMA= 3 
##$ACQVSMI= 0 
##$ADC= 1 
##$ANT= no 
##$AOfs= 2 
##$AQOP_m= 1 
##$AQ_mod= 2 
##$ATTEN= 5 
##$AccE= 20000 
##$AccE_is= 0 
##$AppTyp= 0 
##$BYTORDA= 0 
##$CIDOn= no 
##$CTOF= 0 
##$Calmet= 1 
##$CapEnt= -4000 
##$CapExit= 0 
##$CapHtr= 0 
##$Corona= 0 
##$Cycle= 100 
##$Cyl= 0 
##$DATE= 0 
##$DCOff1= 0 
##$DComp= no 
##$DE= 625 
##$DELAY= 68779 
##$DIGTYP= 16 
##$DPCAL1= 0 
##$DR_end= 6 
##$DR_set= 12 
##$DR_strt= 12 
##$DS= 0 
##$DTATYPE= 0 
##$DW= 0.2 
##$DataTyp= 0 
##$DefDly= 0 
##$DeflOff= 30 
##$DigDep= 8 
##$DigTrig= 100 
##$DryFlow= 0 
##$DrySW= 0 
##$DryTemp= 150 
##$EOSTime= 0.92799997 
##$EndP= -3500 
##$Enhance= no 
##$EsiMode= 0 
##$Extract= 0 
##$FASTON= no 
##$FOV= 20 
##$FPCAL1= 1 
##$FPCAL2= 0 
##$FPCAL3= 0 
##$FPMASS= 2466.7 
##$FPON= no 
##$FPSHIFT= 0 
##$FW= 2500 
##$Flatlin= no 
##$FpWinHi= 0 
##$FpWinLo= 0 
##$GDEDLY= 0 
##$GDEON= yes 
##$GDETime= 0 
##$GSpotId= 0 
##$GSpotno= -1 
##$GatStr= 0 
##$Gate= 100 
##$HITURBO= no 
##$HPCML3= 0 
##$HPClBHi= 0 
##$HPClBLo= 0 
##$HPClOrd= 0 
##$HPClUse= no 
##$Hpcgc0= 0 
##$Hpcgc2= 0 
##$IS2BNDV= 0 
##$ISD= no 
##$InstTyp= 2 
##$IsCalib= no 
##$LASP= 1 
##$LBNDVAL= 0 
##$LINDIS= 0 
##$LLNSBND= no 
##$LasFoc= 34 
##$LftHV1= 0 
##$LftHV2= 0 
##$Lift1= 0 
##$Lift2= 0 
##$MC2= 4 
##$ML1= 318325.876513407 
##$ML1_raw= 318325.876513407 
##$ML2= 363.269185270925 
##$ML2_raw= 363.269185270925 
##$ML3= -0.198038193389957 
##$ML3_raw= -0.198038193389957 
##$MSupMz= 500 
##$MW_low= 15 
##$MapMode= 0 
##$Masserr= 1.3428287E-009 
##$MatSup= 1 
##$NBL= 1 
##$NC= 0 
##$NS= 16 
##$NSdigit= 1 
##$NebFlow= 0 
##$NebSW= 0 
##$NebTemp= 30 
##$NoSHOTS= 500 
##$OFFSET= 1000 
##$PAPS= 0 
##$PIEDLY= 150 
##$POLARI= 1 
##$PR= 1 
##$PULSER= 10 
##$PULSREP= 10000 
##$Parent= 1000 
##$RBNDVAL= 0 
##$REPHZ= 2000 
##$RFAmp= 600 
##$RFFreq= 5 
##$RG= 1 
##$RLNSBND= no 
##$RTSmoo= 0 
##$Realign= 0 
##$Ref2= 10.85 
##$RefFull= 0 
##$ReflE= 0 
##$Repel= 20 
##$RetTime= 0 
##$RunDId= 0 
##$RunId= 0 
##$SF= 0 
##$SFO1= 0 
##$SPType= 0 
##$SW= 0 
##$SW_p= 100 
##$SampId= 0 
##$Sens1= 100 
##$Sens2= 0 
##$Skim1= 20 
##$SumShot= 0 
##$Sync= 1 
##$TD= 221354 
##$TIB= 5 
##$TLft= 0 
##$TLftCor= 0 
##$TLift= 0 
##$TPLMS= 0 
##$TargId= 0 
##$TgCount= 0 
##$Trans= 100 
##$Trap= 45 
##$UDeflL= 0 
##$UGrid= 0 
##$UIS2BND= no 
##$ULensR= 0 
##$UPAcc= 0 
##$URepel= 9000 
##$Udefl= 0 
##$UdetL= 2.838 
##$UdetR= 2.558 
##$Uhim= 0 
##$Uhimass= 0 
##$Uis1= 20 
##$Uis2= 17.450001 
##$Ulens= 8 
##$Uref_is= 0 
##$Urefl= 21.049999 
##$XLens= -50 
##$YMAX_a= 5349 
##$YMIN_a= 0 
##$ACQMETH= <D:\user\AG Summerer\Methods\RP_1500-9500_Da.par> 
##$AQ_DATE= <2020-10-04T21:09:06.340+02:00> 
##$AUNM= <> 
##$AXMeth= <> 
##$CALME= (0..15) 
0 0 0 0 0 0 0 0 
0 0 0 0 0 0 0 0 
##$CALMR= (0..15) 
0 0 0 0 0 0 0 0 
0 0 0 0 0 0 0 0 
##$CALNAM1= <> 
##$CALNAM2= <> 
##$CALNAM3= <> 
##$CALNAM4= <> 
##$CALNAM5= <> 
##$CALNAM6= <> 
##$CALNAM7= <> 
##$CHIPNO= <0> 
##$CMT1= <> 
##$CMT2= <> 
##$CMT3= <> 
##$CMT4= <> 
##$CalStar= <<?xml version="1.0" encoding="ISO-8859-1"?><cs version="1.0"><ca>ReferenceMassAssignement</ca><cm>Cubic Enhanced</cm><cd>2020-10-04T20:17:01.000+00:00</cd><cr>OK</cr><pn>flexControl</pn><pv>3.4.135.0</pv><un>BDAL@DE</un><rsid>F416B09F-4451-40A3-B4BD-78A03FB68E00</rsid><mcl>OligonucleotideCalibStandard avg</mcl><cocp>2</cocp><devb>114.2543143854798</devb><deca>1.342828694147852e-009</deca><acs><ac><rv>106919.1993457142</rv><mb>3646.821757956678</mb><ma>3646.411890000002</ma><cm>3646.41189</cm><cn>Oligo_1_12mer_ACG_TAC_GTA_CGT[M+H]+_avg</cn><me>6.235545580212335e-010</me><tol>0</tol></ac><ac><rv>138325.1032691339</rv><mb>6118.116620918891</mb><ma>6117.991299999995</ma><cm>6117.9913</cm><cn>Oligo_2_20mer_ACG_TAC_GTA_CGT_ACG_TAC_GT_[M+H]+_avg</cn><me>7.432951905087935e-010</me><tol>0</tol></ac></acs></cs>> 
##$D= (0..31) 
0 0 0 0 0 0 0 0 
0 0 0 0 0 0 0 0 
0 0 0 0 0 0 0 0 
0 0 0 0 0 0 0 0 
##$DOMNAME= <> 
##$FAMeth= <> 
##$FASTCal= <> 
##$FCVer= <flexControl 3.4.135.0> 
##$GEOFILE= <> 
##$Gelcode= <> 
##$HPCStr= <> 
##$HPCal= (0..31) 
0 0 0 0 0 0 0 0 
0 0 0 0 0 0 0 0 
0 0 0 0 0 0 0 0 
0 0 0 0 0 0 0 0 
##$ID_raw= <0ba6e1d6-0230-4eb8-96a7-c313e911f1f8> 
##$IN= (0..31) 
0.001 0.001 0.001 0.001 0.001 0.001 0.001 0.001 
0.001 0.001 0.001 0.001 0.001 0.001 0.001 0.001 
0.001 0.001 0.001 0.001 0.001 0.001 0.001 0.001 
0.001 0.001 0.001 0.001 0.001 0.001 0.001 0.001 
##$INSTRUM= <UTX00544> 
##$InstrID= <8276601.00544> 
##$LIFTC= (0..2) 
0 0 0 
##$MOTPOS= <(-64150.0,-22860.0)> 
##$Mctrlst= <> 
##$NTBCal= <V3.0CCalibrator 12 1 0 0 -2147483648 2147483647  V1.0CHPCData  Order 0 vCoeff V1.0VectorDouble 0  c2 0 c0 0 minMass 0 maxMass 0 bUse 0 endCHPCData V1.0CTOF2CalibrationConstants 68779.199999999997 0.19999999999999998 363.26918527092494 318325.87651340727 -0.19803819338995732 0.0011236470664981208 0.19004068312870553 2 V1.0CTOF2CalibrationConstants 68779.199999999997 0.19999999999999998 363.26918527092494 318325.87651340727 -0.19803819338995732 0.0011236470664981208 0.19004068312870553 2  > 
##$NTBCalr= <V3.0CCalibrator 12 1 0 0 -2147483648 2147483647  V1.0CHPCData  Order 0 vCoeff V1.0VectorDouble 0  c2 0 c0 0 minMass 0 maxMass 0 bUse 0 endCHPCData V1.0CTOF2CalibrationConstants 68779.199999999997 0.19999999999999998 363.26918527092494 318325.87651340727 -0.19803819338995732 0.0011236470664981208 0.19004068312870553 2 V1.0CTOF2CalibrationConstants 68779.199999999997 0.19999999999999998 363.26918527092494 318325.87651340727 -0.19803819338995732 0.0011236470664981208 0.19004068312870553 2  > 
##$OS9PATH= <> 
##$OpId= <BDAL@DE> 
##$P= (0..31) 
0 0 0 0 0 0 0 0 
0 0 0 0 0 0 0 0 
0 0 0 0 0 0 0 0 
0 0 0 0 0 0 0 0 
##$PARNM= <> 
##$PATCHNO= <E11> 
##$PATH= <D:\user\AG Summerer\Shubhendu\2020-10-04\IC50_26compounds\0_E11\1\1Ref> 
##$PDELAY= (0..3) 
10 10 10 10 
##$PDURA= (0..3) 
10 10 10 10 
##$PEPURL= <> 
##$PLMSC= (0..2) 
0 0 0 
##$PULPROG= <> 
##$PostPr= <> 
##$QS= (0..7) 
83 83 83 83 83 83 83 83 
##$RUNNM= <> 
##$SMOPTS= (0..15) 
0 0 0 0 0 0 0 0 
0 0 0 0 0 0 0 0 
##$SPOTNO= <E11> 
##$TgIDS= <T_0280784_1002290_0> 
##$TgSer= <1002290> 
##$TgTyp= <0280784> 
##$VDLIST= <DDDDDDDDDDDDDDD> 
##$VOLTNM= <> 
##$WEND= (0..3) 
30000 30000 30000 30000 
##$WINY= (0..3) 
3 3 3 3 
##$WSTART= (0..3) 
0 0 0 0 
##$Warplc1= <> 
##$Warplc2= <> 
##$XACQVS= <3.0> 
##$Xml1= <> 
##END=

